GEM
  remote: https://rubygems.org/
  specs:
    airbrussh (1.0.2)
      sshkit (>= 1.6.1, != 1.7.0)
    capistrano (3.6.1)
      airbrussh (>= 1.0.0)
      capistrano-harrow
      i18n
      rake (>= 10.0.0)
      sshkit (>= 1.9.0)
    capistrano-harrow (0.5.2)
    capistrano-rvm (0.1.2)
      capistrano (~> 3.0)
      sshkit (~> 1.2)
    capistrano3-nginx (2.1.5)
      capistrano (>= 3.0.0)
    childprocess (0.7.1)
      ffi (~> 1.0, >= 1.0.11)
    ffi (1.9.18)
    i18n (0.7.0)
    iniparse (1.4.4)
    net-scp (1.2.1)
      net-ssh (>= 2.6.5)
    net-ssh (3.2.0)
    overcommit (0.41.0)
      childprocess (~> 0.6, >= 0.6.3)
      iniparse (~> 1.4)
    rake (11.2.2)
    sshkit (1.11.1)
      net-scp (>= 1.1.2)
      net-ssh (>= 2.8.0)

PLATFORMS
  ruby

DEPENDENCIES
  capistrano
  capistrano-rvm
  capistrano3-nginx (~> 2.0)
  overcommit

BUNDLED WITH
   1.15.4
